{
	"Modality": "MR",
	"MagneticFieldStrength": 3,
	"ImagingFrequency": 123.252,
	"Manufacturer": "Siemens",
	"ManufacturersModelName": "TrioTim",
	"InstitutionName": "University_of_Maryland",
	"InstitutionalDepartmentName": "Department",
	"InstitutionAddress": "Greenmead_Drive_8770_College_Park_Maryland_US_20742",
	"DeviceSerialNumber": "35448",
	"StationName": "MRC35448",
	"PatientPosition": "HFS",
	"ProcedureStepDescription": "Luiz_Pessoa_ARS_Anxiety_Resting_State",
	"SoftwareVersions": "syngo_MR_B17",
	"MRAcquisitionType": "3D",
	"SeriesDescription": "T2W_SPC_0.8mm",
	"ProtocolName": "T2W_SPC_0.8mm",
	"ScanningSequence": "SE",
	"SequenceVariant": "SK_SP",
	"ScanOptions": "PFP",
	"SequenceName": "_spc3d1_354ns",
	"ImageType": ["ORIGINAL", "PRIMARY", "M", "ND", "NORM"],
	"SeriesNumber": 2,
	"AcquisitionTime": "09:26:5.250000",
	"AcquisitionNumber": 1,
	"SliceThickness": 0.8,
	"SAR": 0.253079,
	"EchoTime": 0.565,
	"RepetitionTime": 3.2,
	"FlipAngle": 120,
	"PartialFourier": 1,
	"BaseResolution": 320,
	"ShimSetting": [
		6059,
		-4685,
		12884,
		347,
		86,
		-498,
		150,
		0	],
	"TxRefAmp": 301.863,
	"PhaseResolution": 1.00625,
	"ReceiveCoilName": "32Ch_Head",
	"CoilString": "C:HEA;HEP",
	"PulseSequenceDetails": "%SiemensSeq%_tse_vfl",
	"RefLinesPE": 32,
	"PercentPhaseFOV": 100,
	"EchoTrainLength": 177,
	"PhaseEncodingSteps": 306,
	"AcquisitionMatrixPE": 322,
	"ReconMatrixPE": 320,
	"ParallelReductionFactorInPlane": 2,
	"PixelBandwidth": 744,
	"DwellTime": 2.1e-06,
	"ImageOrientationPatientDICOM": [
		-0.0226873,
		0.999743,
		6.66535e-09,
		-0.0592911,
		-0.0013455,
		-0.99824	],
	"InPlanePhaseEncodingDirectionDICOM": "ROW",
	"ConversionSoftware": "dcm2niix",
	"ConversionSoftwareVersion": "v1.0.20190902"
}
