{
	"Modality": "MR",
	"MagneticFieldStrength": 3,
	"ImagingFrequency": 123.189,
	"Manufacturer": "Siemens",
	"ManufacturersModelName": "TrioTim",
	"InstitutionName": "University_of_Maryland",
	"InstitutionalDepartmentName": "Department",
	"InstitutionAddress": "Greenmead_Drive_8770_College_Park_Maryland_US_20742",
	"DeviceSerialNumber": "35448",
	"StationName": "MRC35448",
	"PatientPosition": "HFS",
	"ProcedureStepDescription": "Luiz_Pessoa_ARS_Anxiety_Resting_State",
	"SoftwareVersions": "syngo_MR_B17",
	"MRAcquisitionType": "2D",
	"SeriesDescription": "cmrr_F6_R2.2C_TR1000_V457",
	"ProtocolName": "cmrr_F6_R2.2C_TR1000_V457",
	"ScanningSequence": "EP",
	"SequenceVariant": "SK_SS",
	"ScanOptions": "FS",
	"SequenceName": "epfid2d1_96",
	"ImageType": ["ORIGINAL", "PRIMARY", "M", "MB", "ND", "MOSAIC"],
	"SeriesNumber": 4,
	"AcquisitionTime": "11:25:12.260000",
	"AcquisitionNumber": 1,
	"ImageComments": "Unaliased_MB6_PE3_(remote)",
	"SliceThickness": 2.2,
	"SpacingBetweenSlices": 2.2,
	"SAR": 0.102478,
	"EchoTime": 0.0394,
	"TaskName": "circles",
	"RepetitionTime": 1,
	"FlipAngle": 90,
	"PartialFourier": 1,
	"BaseResolution": 96,
	"ShimSetting": [
		5223,
		-5702,
		12547,
		727,
		138,
		27,
		343,
		-50	],
	"TxRefAmp": 310.677,
	"PhaseResolution": 1,
	"ReceiveCoilName": "32Ch_Head",
	"CoilString": "C:HEA;HEP",
	"PulseSequenceDetails": "%CustomerSeq%_cmrr_mbep2d_bold",
	"MultibandAccelerationFactor": 6,
	"PercentPhaseFOV": 100,
	"PhaseEncodingSteps": 96,
	"AcquisitionMatrixPE": 96,
	"ReconMatrixPE": 96,
	"BandwidthPerPixelPhaseEncode": 14.881,
	"EffectiveEchoSpacing": 0.000699998,
	"DerivedVendorReportedEchoSpacing": 0.000699998,
	"TotalReadoutTime": 0.0664998,
	"PixelBandwidth": 1796,
	"DwellTime": 2.9e-06,
	"PhaseEncodingDirection": "j-",
	"SliceTiming": [
		0,
		0.5475,
		0.0925,
		0.6375,
		0.1825,
		0.73,
		0.275,
		0.82,
		0.365,
		0.9125,
		0.4575,
		0,
		0.5475,
		0.0925,
		0.6375,
		0.1825,
		0.73,
		0.275,
		0.82,
		0.365,
		0.9125,
		0.4575,
		0,
		0.5475,
		0.0925,
		0.6375,
		0.1825,
		0.73,
		0.275,
		0.82,
		0.365,
		0.9125,
		0.4575,
		0,
		0.5475,
		0.0925,
		0.6375,
		0.1825,
		0.73,
		0.275,
		0.82,
		0.365,
		0.9125,
		0.4575,
		0,
		0.5475,
		0.0925,
		0.6375,
		0.1825,
		0.73,
		0.275,
		0.82,
		0.365,
		0.9125,
		0.4575,
		0,
		0.5475,
		0.0925,
		0.6375,
		0.1825,
		0.73,
		0.275,
		0.82,
		0.365,
		0.9125,
		0.4575	],
	"ImageOrientationPatientDICOM": [
		0.999992,
		-0.000736009,
		-0.003824,
		7.58589e-08,
		0.98198,
		-0.188983	],
	"InPlanePhaseEncodingDirectionDICOM": "COL",
	"ConversionSoftware": "dcm2niix",
	"ConversionSoftwareVersion": "v1.0.20190902"
}
