{
	"Modality": "MR",
	"MagneticFieldStrength": 3,
	"ImagingFrequency": 123.252,
	"Manufacturer": "Siemens",
	"ManufacturersModelName": "TrioTim",
	"InstitutionName": "University_of_Maryland",
	"InstitutionAddress": "Greenmead_Drive_8770_College_Park_Maryland_US_20742",
	"DeviceSerialNumber": "35448",
	"StationName": "MRC35448",
	"PatientPosition": "HFS",
	"ProcedureStepDescription": "Luiz_Pessoa_ARS_Anxiety_Resting_State",
	"SoftwareVersions": "syngo_MR_B17",
	"MRAcquisitionType": "3D",
	"SeriesDescription": "T1W_MPR_0.8mm",
	"ProtocolName": "T1W_MPR_0.8mm",
	"ScanningSequence": "GR_IR",
	"SequenceVariant": "SP_MP",
	"ScanOptions": "IR_WE",
	"SequenceName": "_tfl3d1_ns",
	"ImageType": ["ORIGINAL", "PRIMARY", "M", "ND", "NORM"],
	"SeriesNumber": 12,
	"AcquisitionTime": "16:41:14.247500",
	"AcquisitionNumber": 1,
	"SliceThickness": 0.8,
	"SAR": 0.0787985,
	"EchoTime": 0.00201,
	"RepetitionTime": 2.4,
	"InversionTime": 1,
	"FlipAngle": 8,
	"PartialFourier": 1,
	"BaseResolution": 320,
	"ShimSetting": [
		6097,
		-4706,
		12667,
		-322,
		-190,
		-272,
		88,
		-12	],
	"TxRefAmp": 291.752,
	"PhaseResolution": 1,
	"ReceiveCoilName": "32Ch_Head",
	"PulseSequenceDetails": "%SiemensSeq%_tfl",
	"RefLinesPE": 32,
	"PercentPhaseFOV": 100,
	"PhaseEncodingSteps": 319,
	"AcquisitionMatrixPE": 320,
	"ReconMatrixPE": 320,
	"ParallelReductionFactorInPlane": 2,
	"PixelBandwidth": 240,
	"ImageOrientationPatientDICOM": [
		-0.0784591,
		0.996917,
		1.02902e-08,
		0.0417466,
		0.00328554,
		-0.999123	],
	"InPlanePhaseEncodingDirectionDICOM": "ROW",
	"ConversionSoftware": "dcm2niix",
	"ConversionSoftwareVersion": "v1.0.20190902"
}
