{
	"Modality": "MR",
	"MagneticFieldStrength": 3,
	"ImagingFrequency": 123.252,
	"Manufacturer": "Siemens",
	"ManufacturersModelName": "TrioTim",
	"InstitutionName": "University_of_Maryland",
	"InstitutionalDepartmentName": "Department",
	"InstitutionAddress": "Greenmead_Drive_8770_College_Park_Maryland_US_20742",
	"DeviceSerialNumber": "35448",
	"StationName": "MRC35448",
	"PatientPosition": "HFS",
	"ProcedureStepDescription": "Luiz_Pessoa_ARS_Anxiety_Resting_State",
	"SoftwareVersions": "syngo_MR_B17",
	"MRAcquisitionType": "2D",
	"SeriesDescription": "FieldMap_HCP_MB6_matched_R2.2",
	"ProtocolName": "FieldMap_HCP_MB6_matched_R2.2",
	"ScanningSequence": "GR",
	"SequenceVariant": "SP",
	"SequenceName": "_fm2d2r",
	"ImageType": ["ORIGINAL", "PRIMARY", "M", "ND", "NORM"],
	"SeriesNumber": 10,
	"AcquisitionTime": "10:29:37.707500",
	"AcquisitionNumber": 1,
	"SliceThickness": 2.2,
	"SpacingBetweenSlices": 2.2,
	"SAR": 0.150055,
	"EchoNumber": 2,
	"EchoTime": 0.00738,
	"RepetitionTime": 0.731,
	"FlipAngle": 50,
	"PartialFourier": 1,
	"BaseResolution": 96,
	"ShimSetting": [
		6091,
		-4313,
		12944,
		771,
		-11,
		800,
		542,
		55	],
	"TxRefAmp": 304.811,
	"PhaseResolution": 1,
	"ReceiveCoilName": "32Ch_Head",
	"CoilString": "C:HEA;HEP",
	"PulseSequenceDetails": "%SiemensSeq%_gre_field_mapping",
	"PercentPhaseFOV": 100,
	"PhaseEncodingSteps": 96,
	"AcquisitionMatrixPE": 96,
	"ReconMatrixPE": 96,
	"PixelBandwidth": 434,
	"DwellTime": 1.2e-05,
	"PhaseEncodingDirection": "j-",
	"SliceTiming": [
		0.36719,
		0,
		0.375,
		0.00781,
		0.39063,
		0.02344,
		0.39844,
		0.03125,
		0.41406,
		0.04688,
		0.42969,
		0.0625,
		0.4375,
		0.07031,
		0.44531,
		0.08594,
		0.46094,
		0.09375,
		0.47656,
		0.10938,
		0.48438,
		0.11719,
		0.5,
		0.13281,
		0.50781,
		0.14063,
		0.52344,
		0.15625,
		0.53906,
		0.17188,
		0.54688,
		0.17969,
		0.5625,
		0.19531,
		0.57031,
		0.20313,
		0.58594,
		0.21875,
		0.59375,
		0.22656,
		0.60938,
		0.24219,
		0.625,
		0.25,
		0.63281,
		0.26563,
		0.64844,
		0.28125,
		0.65625,
		0.28906,
		0.67188,
		0.30469,
		0.67969,
		0.3125,
		0.69531,
		0.32813,
		0.70313,
		0.33594,
		0.71875,
		0.35156	],
	"ImageOrientationPatientDICOM": [
		0.999941,
		0.0039803,
		0.0101135,
		1.69617e-08,
		0.930528,
		-0.366222	],
	"InPlanePhaseEncodingDirectionDICOM": "COL",
	"ConversionSoftware": "dcm2niix",
	"ConversionSoftwareVersion": "v1.0.20190902"
}
