{
	"Modality": "MR",
	"MagneticFieldStrength": 3,
	"ImagingFrequency": 123.189,
	"Manufacturer": "Siemens",
	"ManufacturersModelName": "TrioTim",
	"InstitutionName": "University_of_Maryland",
	"InstitutionalDepartmentName": "Department",
	"InstitutionAddress": "Greenmead_Drive_8770_College_Park_Maryland_US_20742",
	"DeviceSerialNumber": "35448",
	"StationName": "MRC35448",
	"PatientPosition": "HFS",
	"ProcedureStepDescription": "Luiz_Pessoa_ARS_Anxiety_Resting_State",
	"SoftwareVersions": "syngo_MR_B17",
	"MRAcquisitionType": "3D",
	"SeriesDescription": "T1W_MPR_0.8mm",
	"ProtocolName": "T1W_MPR_0.8mm",
	"ScanningSequence": "GR_IR",
	"SequenceVariant": "SP_MP",
	"ScanOptions": "IR_WE",
	"SequenceName": "_tfl3d1_ns",
	"ImageType": ["ORIGINAL", "PRIMARY", "M", "ND", "NORM"],
	"SeriesNumber": 12,
	"AcquisitionTime": "14:21:35.597500",
	"AcquisitionNumber": 1,
	"SliceThickness": 0.8,
	"SAR": 0.0746452,
	"EchoTime": 0.00201,
	"RepetitionTime": 2.4,
	"InversionTime": 1,
	"FlipAngle": 8,
	"PartialFourier": 1,
	"BaseResolution": 320,
	"ShimSetting": [
		5207,
		-5736,
		12484,
		-38,
		71,
		-643,
		239,
		9	],
	"TxRefAmp": 295.461,
	"PhaseResolution": 1,
	"ReceiveCoilName": "32Ch_Head",
	"CoilString": "C:HEA;HEP",
	"PulseSequenceDetails": "%SiemensSeq%_tfl",
	"RefLinesPE": 32,
	"PercentPhaseFOV": 100,
	"PhaseEncodingSteps": 319,
	"AcquisitionMatrixPE": 320,
	"ReconMatrixPE": 320,
	"ParallelReductionFactorInPlane": 2,
	"PixelBandwidth": 240,
	"DwellTime": 6.5e-06,
	"ImageOrientationPatientDICOM": [
		-0.0279217,
		0.99961,
		2.00288e-08,
		-0.0122122,
		-0.000341098,
		-0.999925	],
	"InPlanePhaseEncodingDirectionDICOM": "ROW",
	"ConversionSoftware": "dcm2niix",
	"ConversionSoftwareVersion": "v1.0.20190902"
}
