{
	"Modality": "MR",
	"MagneticFieldStrength": 3,
	"ImagingFrequency": 123.189,
	"Manufacturer": "Siemens",
	"ManufacturersModelName": "TrioTim",
	"InstitutionName": "University_of_Maryland",
	"InstitutionalDepartmentName": "Department",
	"InstitutionAddress": "Greenmead_Drive_8770_College_Park_Maryland_US_20742",
	"DeviceSerialNumber": "35448",
	"StationName": "MRC35448",
	"PatientPosition": "HFS",
	"ProcedureStepDescription": "Luiz_Pessoa_ARS_Anxiety_Resting_State",
	"SoftwareVersions": "syngo_MR_B17",
	"MRAcquisitionType": "2D",
	"SeriesDescription": "FieldMap_HCP_MB6_matched_R2.2",
	"ProtocolName": "FieldMap_HCP_MB6_matched_R2.2",
	"ScanningSequence": "GR",
	"SequenceVariant": "SP",
	"SequenceName": "_fm2d2r",
	"ImageType": ["ORIGINAL", "PRIMARY", "P", "ND"],
	"SeriesNumber": 11,
	"AcquisitionTime": "10:26:53.775000",
	"AcquisitionNumber": 1,
	"SliceThickness": 2.2,
	"SpacingBetweenSlices": 2.2,
	"SAR": 0.160089,
	"EchoNumber": 2,
	"EchoTime": 0.00738,
	"RepetitionTime": 0.731,
	"FlipAngle": 50,
	"PartialFourier": 1,
	"BaseResolution": 96,
	"ShimSetting": [
		5260,
		-5703,
		12738,
		957,
		127,
		-137,
		55,
		-100	],
	"TxRefAmp": 302.116,
	"PhaseResolution": 1,
	"ReceiveCoilName": "32Ch_Head",
	"CoilString": "C:HEA;HEP",
	"PulseSequenceDetails": "%SiemensSeq%_gre_field_mapping",
	"PercentPhaseFOV": 100,
	"PhaseEncodingSteps": 96,
	"AcquisitionMatrixPE": 96,
	"ReconMatrixPE": 96,
	"PixelBandwidth": 434,
	"DwellTime": 1.2e-05,
	"PhaseEncodingDirection": "j-",
	"SliceTiming": [
		0.36719,
		0,
		0.38281,
		0.01563,
		0.39063,
		0.02344,
		0.40625,
		0.03906,
		0.42188,
		0.05469,
		0.42969,
		0.0625,
		0.4375,
		0.07813,
		0.45313,
		0.08594,
		0.46875,
		0.10156,
		0.47656,
		0.10938,
		0.49219,
		0.125,
		0.5,
		0.13281,
		0.51563,
		0.14844,
		0.53125,
		0.16406,
		0.53906,
		0.17188,
		0.55469,
		0.1875,
		0.5625,
		0.19531,
		0.57813,
		0.21094,
		0.58594,
		0.21875,
		0.60156,
		0.23438,
		0.61719,
		0.25,
		0.625,
		0.25781,
		0.64063,
		0.27344,
		0.64844,
		0.28125,
		0.66406,
		0.29688,
		0.67188,
		0.3125,
		0.6875,
		0.32031,
		0.69531,
		0.32813,
		0.71094,
		0.34375,
		0.72656,
		0.35938	],
	"ImageOrientationPatientDICOM": [
		0.999752,
		0.00425142,
		0.0218608,
		3.31595e-08,
		0.981609,
		-0.190902	],
	"InPlanePhaseEncodingDirectionDICOM": "COL",
	"ConversionSoftware": "dcm2niix",
	"ConversionSoftwareVersion": "v1.0.20190902"
}
