{
	"Modality": "MR",
	"MagneticFieldStrength": 3,
	"ImagingFrequency": 123.189,
	"Manufacturer": "Siemens",
	"ManufacturersModelName": "TrioTim",
	"InstitutionName": "University_of_Maryland",
	"InstitutionalDepartmentName": "Department",
	"InstitutionAddress": "Greenmead_Drive_8770_College_Park_Maryland_US_20742",
	"DeviceSerialNumber": "35448",
	"StationName": "MRC35448",
	"PatientPosition": "HFS",
	"ProcedureStepDescription": "Luiz_Pessoa_ARS_Anxiety_Resting_State",
	"SoftwareVersions": "syngo_MR_B17",
	"MRAcquisitionType": "3D",
	"SeriesDescription": "T1W_MPR_0.8mm",
	"ProtocolName": "T1W_MPR_0.8mm",
	"ScanningSequence": "GR_IR",
	"SequenceVariant": "SP_MP",
	"ScanOptions": "IR_WE",
	"SequenceName": "_tfl3d1_ns",
	"ImageType": ["ORIGINAL", "PRIMARY", "M", "ND", "NORM"],
	"SeriesNumber": 12,
	"AcquisitionTime": "14:01:1.900000",
	"AcquisitionNumber": 1,
	"SliceThickness": 0.8,
	"SAR": 0.0927179,
	"EchoTime": 0.00201,
	"RepetitionTime": 2.4,
	"InversionTime": 1,
	"FlipAngle": 8,
	"PartialFourier": 1,
	"BaseResolution": 320,
	"ShimSetting": [
		5174,
		-5764,
		12450,
		-107,
		35,
		-245,
		319,
		-13	],
	"TxRefAmp": 302.773,
	"PhaseResolution": 1,
	"ReceiveCoilName": "32Ch_Head",
	"CoilString": "C:HEA;HEP",
	"PulseSequenceDetails": "%SiemensSeq%_tfl",
	"RefLinesPE": 32,
	"PercentPhaseFOV": 100,
	"PhaseEncodingSteps": 319,
	"AcquisitionMatrixPE": 320,
	"ReconMatrixPE": 320,
	"ParallelReductionFactorInPlane": 2,
	"PixelBandwidth": 240,
	"DwellTime": 6.5e-06,
	"ImageOrientationPatientDICOM": [
		-0.106264,
		0.994338,
		3.19173e-08,
		-0.0849333,
		-0.00907671,
		-0.996345	],
	"InPlanePhaseEncodingDirectionDICOM": "ROW",
	"ConversionSoftware": "dcm2niix",
	"ConversionSoftwareVersion": "v1.0.20190902"
}
