{
	"Modality": "MR",
	"MagneticFieldStrength": 3,
	"ImagingFrequency": 123.252,
	"Manufacturer": "Siemens",
	"ManufacturersModelName": "TrioTim",
	"InstitutionName": "University_of_Maryland",
	"InstitutionalDepartmentName": "Department",
	"InstitutionAddress": "Greenmead_Drive_8770_College_Park_Maryland_US_20742",
	"DeviceSerialNumber": "35448",
	"StationName": "MRC35448",
	"PatientPosition": "HFS",
	"ProcedureStepDescription": "Luiz_Pessoa_ARS_Anxiety_Resting_State",
	"SoftwareVersions": "syngo_MR_B17",
	"MRAcquisitionType": "2D",
	"SeriesDescription": "FieldMap_HCP_MB6_matched_R2.2",
	"ProtocolName": "FieldMap_HCP_MB6_matched_R2.2",
	"ScanningSequence": "GR",
	"SequenceVariant": "SP",
	"SequenceName": "_fm2d2r",
	"ImageType": ["ORIGINAL", "PRIMARY", "P", "ND"],
	"SeriesNumber": 11,
	"AcquisitionTime": "14:51:23.482500",
	"AcquisitionNumber": 1,
	"SliceThickness": 2.2,
	"SpacingBetweenSlices": 2.2,
	"SAR": 0.136545,
	"EchoNumber": 2,
	"EchoTime": 0.00738,
	"RepetitionTime": 0.731,
	"FlipAngle": 50,
	"PartialFourier": 1,
	"BaseResolution": 96,
	"ShimSetting": [
		6069,
		-4519,
		13006,
		621,
		45,
		-16,
		164,
		34	],
	"TxRefAmp": 303.531,
	"PhaseResolution": 1,
	"ReceiveCoilName": "32Ch_Head",
	"CoilString": "C:HEA;HEP",
	"PulseSequenceDetails": "%SiemensSeq%_gre_field_mapping",
	"PercentPhaseFOV": 100,
	"PhaseEncodingSteps": 96,
	"AcquisitionMatrixPE": 96,
	"ReconMatrixPE": 96,
	"PixelBandwidth": 434,
	"DwellTime": 1.2e-05,
	"PhaseEncodingDirection": "j-",
	"SliceTiming": [
		0.35938,
		0,
		0.375,
		0,
		0.375,
		0.01563,
		0.39063,
		0.03125,
		0.40625,
		0.04688,
		0.42188,
		0.04688,
		0.4375,
		0.0625,
		0.4375,
		0.07813,
		0.45313,
		0.09375,
		0.46875,
		0.10938,
		0.48438,
		0.10938,
		0.5,
		0.125,
		0.5,
		0.14063,
		0.51563,
		0.15625,
		0.53125,
		0.15625,
		0.54688,
		0.17188,
		0.5625,
		0.1875,
		0.5625,
		0.20313,
		0.57813,
		0.21875,
		0.59375,
		0.21875,
		0.60938,
		0.23438,
		0.60938,
		0.25,
		0.625,
		0.26563,
		0.64063,
		0.26563,
		0.65625,
		0.28125,
		0.67188,
		0.29688,
		0.67188,
		0.3125,
		0.6875,
		0.32813,
		0.70313,
		0.32813,
		0.71875,
		0.34375	],
	"ImageOrientationPatientDICOM": [
		0.998128,
		-0.0219571,
		-0.057077,
		7.16625e-08,
		0.933322,
		-0.359041	],
	"InPlanePhaseEncodingDirectionDICOM": "COL",
	"ConversionSoftware": "dcm2niix",
	"ConversionSoftwareVersion": "v1.0.20190902"
}
